GEM
  remote: https://rubygems.org/
  specs:
    ast (2.4.2)
    awesome_print (1.6.1)
    aws-sdk (2.1.0)
      aws-sdk-resources (= 2.1.0)
    aws-sdk-core (2.1.0)
      jmespath (~> 1.0)
    aws-sdk-resources (2.1.0)
      aws-sdk-core (= 2.1.0)
    cfn2dsl (0.1.5)
      awesome_print
      erubis
      extlib
      rubocop
      ruby-beautify
    cfndsl (0.1.16)
    clamp (1.0.0)
    coderay (1.1.0)
    erubis (2.7.0)
    extlib (0.9.16)
    jmespath (1.0.2)
      multi_json (~> 1.0)
    json (2.6.3)
    method_source (0.8.2)
    multi_json (1.11.1)
    parallel (1.23.0)
    parser (3.2.2.0)
      ast (~> 2.4.1)
    pry (0.10.1)
      coderay (~> 1.1.0)
      method_source (~> 0.8.1)
      slop (~> 3.4)
    rainbow (3.1.1)
    regexp_parser (2.8.0)
    rexml (3.2.5)
    rubocop (1.50.2)
      json (~> 2.3)
      parallel (~> 1.10)
      parser (>= 3.2.0.0)
      rainbow (>= 2.2.2, < 4.0)
      regexp_parser (>= 1.8, < 3.0)
      rexml (>= 3.2.5, < 4.0)
      rubocop-ast (>= 1.28.0, < 2.0)
      ruby-progressbar (~> 1.7)
      unicode-display_width (>= 2.4.0, < 3.0)
    rubocop-ast (1.28.0)
      parser (>= 3.2.1.0)
    ruby-beautify (0.97.3)
    ruby-progressbar (1.13.0)
    slop (3.6.0)
    unicode-display_width (2.4.2)

PLATFORMS
  ruby

DEPENDENCIES
  aws-sdk
  cfn2dsl
  cfndsl
  clamp
  pry

BUNDLED WITH
   1.10.4
